GEM
  remote: https://rubygems.org/
  specs:
    puma (2.11.2)
      rack (>= 1.1, < 2.0)
    rack (1.6.1)
    rack-contrib (1.2.0)
      rack (>= 0.9.1)

PLATFORMS
  ruby

DEPENDENCIES
  puma
  rack-contrib
